NUGET
  remote: https://nuget.org/api/v2
  specs:
    FAKE (3.11.3)
GITHUB
  remote: fsprojects/FSharp.TypeProviders.StarterPack
  specs:
    src/ProvidedTypes.fs (66277f5f3b881706a2b7af30e0aedee3feee9bc0)
    src/ProvidedTypes.fsi (66277f5f3b881706a2b7af30e0aedee3feee9bc0)